PATH
  remote: .
  specs:
    tiny_outcome (3.1.0)

GEM
  remote: https://rubygems.org/
  specs:
    minitest (5.19.0)

PLATFORMS
  x86_64-darwin-21

DEPENDENCIES
  minitest
  tiny_outcome!

BUNDLED WITH
   2.3.14
